PATH
  remote: .
  specs:
    currency-rate (0.1.0)

GEM
  remote: https://rubygems.org/
  specs:
    minitest (5.14.0)
    rake (12.3.2)

PLATFORMS
  ruby

DEPENDENCIES
  currency-rate!
  minitest (~> 5.0)
  rake (~> 12.0)

BUNDLED WITH
   1.17.2
